GEM
  remote: https://rubygems.org/
  specs:
    rack (2.0.9)
    webrick (1.7.0)

PLATFORMS
  x86_64-darwin-20

DEPENDENCIES
  rack (~> 2.0.1)
  webrick

BUNDLED WITH
   2.2.3
